PATH
  remote: .
  specs:
    alidayu (1.1.0)

GEM
  remote: https://rubygems.org/
  specs:
    rake (10.5.0)

PLATFORMS
  ruby

DEPENDENCIES
  alidayu!
  bundler (~> 1.10)
  rake (~> 10.0)

BUNDLED WITH
   1.14.6
